GIT
  remote: git://github.com/arr2036/omnigollum.git
  revision: 08e042970ce2261e46c776e281bdd6059293f87e
  specs:
    omnigollum (0.1.5)
      gollum
      mustache (>= 0.99.5)
      omniauth

PATH
  remote: .
  specs:
    gollum (4.1.4)
      gemojione (~> 3.2)
      gollum-lib (~> 4.2, >= 4.2.10)
      kramdown (~> 1.9.0)
      mustache (>= 0.99.5, < 1.0.0)
      sinatra (~> 1.4, >= 1.4.4)
      useragent (~> 0.16.2)

GEM
  remote: https://rubygems.org/
  specs:
    activesupport (4.0.13)
      i18n (~> 0.6, >= 0.6.9)
      minitest (~> 4.2)
      multi_json (~> 1.3)
      thread_safe (~> 0.1)
      tzinfo (~> 0.3.37)
    ansi (1.5.0)
    builder (3.2.3)
    camertron-eprun (1.1.1)
    charlock_holmes (0.7.6)
    cldr-plurals-runtime-rb (1.0.1)
    concurrent-ruby (1.1.3)
    diff-lcs (1.3)
    faraday (0.15.3)
      multipart-post (>= 1.2, < 3)
    gemojione (3.3.0)
      json
    git (1.5.0)
    github-markup (1.7.0)
    gitlab-grit (2.8.2)
      charlock_holmes (~> 0.6)
      diff-lcs (~> 1.1)
      mime-types (>= 1.16)
      posix-spawn (~> 0.3)
    gollum-grit_adapter (1.0.1)
      gitlab-grit (~> 2.7, >= 2.7.1)
    gollum-lib (4.2.10)
      gemojione (~> 3.2)
      github-markup (~> 1.6)
      gollum-grit_adapter (~> 1.0)
      nokogiri (>= 1.6.1, < 2.0)
      rouge (~> 2.1)
      sanitize (~> 2.1.1, >= 2.1.1)
      stringex (~> 2.6)
      twitter-text (= 1.14.7)
    hashie (3.5.7)
    i18n (0.9.5)
      concurrent-ruby (~> 1.0)
    json (2.1.0)
    jwt (1.5.6)
    kramdown (1.9.0)
    metaclass (0.0.4)
    mime-types (3.2.2)
      mime-types-data (~> 3.2015)
    mime-types-data (3.2018.0812)
    mini_portile2 (2.3.0)
    minitest (4.7.5)
    minitest-reporters (0.14.24)
      ansi
      builder
      minitest (>= 2.12, < 5.0)
      powerbar
    mocha (1.1.0)
      metaclass (~> 0.0.1)
    multi_json (1.13.1)
    multi_xml (0.6.0)
    multipart-post (2.0.0)
    mustache (0.99.8)
    nokogiri (1.8.5)
      mini_portile2 (~> 2.3.0)
    oauth2 (1.4.1)
      faraday (>= 0.8, < 0.16.0)
      jwt (>= 1.0, < 3.0)
      multi_json (~> 1.3)
      multi_xml (~> 0.5)
      rack (>= 1.2, < 3)
    omniauth (1.8.1)
      hashie (>= 3.4.6, < 3.6.0)
      rack (>= 1.6.2, < 3)
    omniauth-azure-oauth2 (0.0.10)
      jwt (>= 1.0, < 3.0)
      omniauth (~> 1.0)
      omniauth-oauth2 (~> 1.4)
    omniauth-oauth2 (1.5.0)
      oauth2 (~> 1.1)
      omniauth (~> 1.2)
    posix-spawn (0.3.13)
    power_assert (1.1.3)
    powerbar (2.0.1)
      hashie (>= 1.1.0)
    rack (1.6.11)
    rack-protection (1.5.5)
      rack
    rack-test (0.6.3)
      rack (>= 1.0)
    rake (10.5.0)
    rouge (2.2.1)
    sanitize (2.1.1)
      nokogiri (>= 1.4.4)
    shoulda (3.5.0)
      shoulda-context (~> 1.0, >= 1.0.1)
      shoulda-matchers (>= 1.4.1, < 3.0)
    shoulda-context (1.2.2)
    shoulda-matchers (2.8.0)
      activesupport (>= 3.0.0)
    sinatra (1.4.8)
      rack (~> 1.5)
      rack-protection (~> 1.4)
      tilt (>= 1.3, < 3)
    stringex (2.8.5)
    test-unit (3.1.9)
      power_assert
    thread_safe (0.3.6)
    tilt (2.0.8)
    twitter-text (1.14.7)
      unf (~> 0.1.0)
    twitter_cldr (3.2.1)
      camertron-eprun
      cldr-plurals-runtime-rb (~> 1.0.0)
      json
      tzinfo
    tzinfo (0.3.55)
    unf (0.1.4)
      unf_ext
    unf_ext (0.0.7.5)
    useragent (0.16.10)
    webrick (1.3.1)

PLATFORMS
  ruby

DEPENDENCIES
  git
  gollum!
  minitest-reporters (~> 0.14.16)
  mocha (~> 1.1.0)
  omniauth-azure-oauth2
  omnigollum!
  rack-test (~> 0.6.2)
  rake (~> 10.4)
  shoulda (~> 3.5.0)
  test-unit (~> 3.1.0)
  twitter_cldr (~> 3.2.0)
  webrick (~> 1.3.1)

BUNDLED WITH
   1.17.1
